GEM
  remote: https://rubygems.org/
  specs:
    awesome_print (1.9.2)
    base64 (0.2.0)
    diff-lcs (1.5.1)
    ffi (1.17.1)
    ffi (1.17.1-x86_64-linux-gnu)
    karafka (2.4.17)
      base64 (~> 0.2)
      karafka-core (>= 2.4.4, < 2.5.0)
      karafka-rdkafka (>= 0.17.2)
      waterdrop (>= 2.7.3, < 3.0.0)
      zeitwerk (~> 2.3)
    karafka-core (2.4.8)
      karafka-rdkafka (>= 0.17.6, < 0.19.0)
      logger (>= 1.6.0)
    karafka-rdkafka (0.18.1)
      ffi (~> 1.15)
      mini_portile2 (~> 2.6)
      rake (> 12)
    karafka-testing (2.4.6)
      karafka (>= 2.4.0, < 2.5.0)
      waterdrop (>= 2.7.0)
    logger (1.6.5)
    mini_portile2 (2.8.8)
    rake (13.2.1)
    rspec (3.13.0)
      rspec-core (~> 3.13.0)
      rspec-expectations (~> 3.13.0)
      rspec-mocks (~> 3.13.0)
    rspec-core (3.13.0)
      rspec-support (~> 3.13.0)
    rspec-expectations (3.13.1)
      diff-lcs (>= 1.2.0, < 2.0)
      rspec-support (~> 3.13.0)
    rspec-mocks (3.13.1)
      diff-lcs (>= 1.2.0, < 2.0)
      rspec-support (~> 3.13.0)
    rspec-support (3.13.1)
    rtesseract (3.1.3)
    waterdrop (2.8.1)
      karafka-core (>= 2.4.3, < 3.0.0)
      karafka-rdkafka (>= 0.17.5)
      zeitwerk (~> 2.3)
    zeitwerk (2.7.1)

PLATFORMS
  ruby
  x86_64-linux

DEPENDENCIES
  awesome_print
  karafka
  karafka-testing
  rake
  rspec
  rtesseract

BUNDLED WITH
   2.5.14
