GEM
  remote: https://rubygems.org/
  specs:
    awesome_print (1.9.2)
    base64 (0.2.0)
    diff-lcs (1.5.1)
    ffi (1.17.0)
    ffi (1.17.0-x86_64-linux-gnu)
    karafka (2.4.7)
      base64 (~> 0.2)
      karafka-core (>= 2.4.3, < 2.5.0)
      waterdrop (>= 2.7.3, < 3.0.0)
      zeitwerk (~> 2.3)
    karafka-core (2.4.4)
      karafka-rdkafka (>= 0.15.0, < 0.18.0)
    karafka-rdkafka (0.16.1)
      ffi (~> 1.15)
      mini_portile2 (~> 2.6)
      rake (> 12)
    karafka-testing (2.4.6)
      karafka (>= 2.4.0, < 2.5.0)
      waterdrop (>= 2.7.0)
    mini_portile2 (2.8.8)
    rake (13.2.1)
    rspec (3.13.0)
      rspec-core (~> 3.13.0)
      rspec-expectations (~> 3.13.0)
      rspec-mocks (~> 3.13.0)
    rspec-core (3.13.0)
      rspec-support (~> 3.13.0)
    rspec-expectations (3.13.1)
      diff-lcs (>= 1.2.0, < 2.0)
      rspec-support (~> 3.13.0)
    rspec-mocks (3.13.1)
      diff-lcs (>= 1.2.0, < 2.0)
      rspec-support (~> 3.13.0)
    rspec-support (3.13.1)
    waterdrop (2.7.4)
      karafka-core (>= 2.4.3, < 3.0.0)
      karafka-rdkafka (>= 0.15.1)
      zeitwerk (~> 2.3)
    zeitwerk (2.6.18)

PLATFORMS
  ruby
  x86_64-linux

DEPENDENCIES
  awesome_print
  karafka
  karafka-testing
  rake
  rspec

BUNDLED WITH
   2.5.14
